GEM
  remote: https://rubygems.org/
  specs:
    pg (0.17.1)
    pg (0.17.1-x86-mingw32)

PLATFORMS
  ruby
  x86-mingw32

DEPENDENCIES
  pg
