GEM
  remote: https://rubygems.org/
  specs:
    pg (0.18.2)
    pg (0.18.2-x86-mingw32)
    redis (3.2.1)

PLATFORMS
  ruby
  x86-mingw32

DEPENDENCIES
  pg
  redis
